GEM
  remote: https://rubygems.org/
  specs:
    awesome_print (1.1.0)
    coffee-script (2.2.0)
      coffee-script-source
      execjs
    coffee-script-source (1.4.0)
    execjs (1.4.0)
      multi_json (~> 1.0)
    haml (3.1.7)
    multi_json (1.5.0)
    rack (1.4.1)
    rack-protection (1.3.2)
      rack
    rack-test (0.6.3)
      rack (>= 1.0)
    rake (12.0.0)
    sinatra (1.3.3)
      rack (~> 1.3, >= 1.3.6)
      rack-protection (~> 1.2)
      tilt (~> 1.3, >= 1.3.3)
    tilt (1.3.3)

PLATFORMS
  ruby

DEPENDENCIES
  awesome_print
  coffee-script
  execjs
  haml
  rack-test
  rake
  sinatra

BUNDLED WITH
   1.14.3
